GIT
  remote: git://github.com/collectiveidea/devise-mongo_mapper
  revision: fa2f20310e0988295adc192255d3b1cedee1b412
  specs:
    devise-mongo_mapper (0.0.1)
      devise (~> 1.1.0)

GIT
  remote: git://github.com/jnunemaker/mongomapper
  revision: de8f8f3171f687f8d65b87ba7c7d3b1cb6e3bbe6
  branch: rails3
  specs:
    mongo_mapper (0.8.6)
      activemodel (~> 3.0.0)
      activesupport (~> 3.0.0)
      plucky (~> 0.3.6)

GIT
  remote: https://github.com/jnunemaker/hunt.git
  revision: b17e586ce235606a0782cf8ddef3affda1fb0caf
  specs:
    hunt (0.3)
      fast-stemmer (~> 1.0)
      mongo_mapper (~> 0.8.6)

GEM
  remote: http://rubygems.org/
  specs:
    abstract (1.0.0)
    actionmailer (3.0.3)
      actionpack (= 3.0.3)
      mail (~> 2.2.9)
    actionpack (3.0.3)
      activemodel (= 3.0.3)
      activesupport (= 3.0.3)
      builder (~> 2.1.2)
      erubis (~> 2.6.6)
      i18n (~> 0.4)
      rack (~> 1.2.1)
      rack-mount (~> 0.6.13)
      rack-test (~> 0.5.6)
      tzinfo (~> 0.3.23)
    activemodel (3.0.3)
      activesupport (= 3.0.3)
      builder (~> 2.1.2)
      i18n (~> 0.4)
    activerecord (3.0.3)
      activemodel (= 3.0.3)
      activesupport (= 3.0.3)
      arel (~> 2.0.2)
      tzinfo (~> 0.3.23)
    activeresource (3.0.3)
      activemodel (= 3.0.3)
      activesupport (= 3.0.3)
    activesupport (3.0.3)
    arel (2.0.6)
    bcrypt-ruby (2.1.2)
    bson (1.1.5)
    bson_ext (1.1.5)
    builder (2.1.2)
    compass (0.10.6)
      haml (>= 3.0.4)
    devise (1.1.5)
      bcrypt-ruby (~> 2.1.2)
      warden (~> 1.0.2)
    erubis (2.6.6)
      abstract (>= 1.0.0)
    fast-stemmer (1.0.0)
    haml (3.0.24)
    i18n (0.5.0)
    kgio (2.3.1)
    mail (2.2.12)
      activesupport (>= 2.3.6)
      i18n (>= 0.4.0)
      mime-types (~> 1.16)
      treetop (~> 1.4.8)
    mime-types (1.16)
    mongo (1.1.5)
      bson (>= 1.1.5)
    plucky (0.3.6)
      mongo (~> 1.1)
    polyglot (0.3.1)
    rack (1.2.1)
    rack-mount (0.6.13)
      rack (>= 1.0.0)
    rack-test (0.5.6)
      rack (>= 1.0)
    rails (3.0.3)
      actionmailer (= 3.0.3)
      actionpack (= 3.0.3)
      activerecord (= 3.0.3)
      activeresource (= 3.0.3)
      activesupport (= 3.0.3)
      bundler (~> 1.0)
      railties (= 3.0.3)
    rails3-generators (0.17.0)
      railties (>= 3.0.0)
    railties (3.0.3)
      actionpack (= 3.0.3)
      activesupport (= 3.0.3)
      rake (>= 0.8.7)
      thor (~> 0.14.4)
    rake (0.8.7)
    thor (0.14.6)
    treetop (1.4.9)
      polyglot (>= 0.3.1)
    tzinfo (0.3.23)
    unicorn (3.4.0)
      kgio (~> 2.2)
      rack
    warden (1.0.3)
      rack (>= 1.0.0)

PLATFORMS
  ruby

DEPENDENCIES
  bson_ext
  compass
  devise
  devise-mongo_mapper!
  hunt!
  mongo_mapper!
  rails (= 3.0.3)
  rails3-generators
  unicorn
